PATH
  remote: .
  specs:
    newegg_scraper_chsbr (0.1.3)
      nokogiri
      open-uri

GEM
  remote: https://rubygems.org/
  specs:
    coderay (1.1.3)
    method_source (1.0.0)
    nokogiri (1.11.3-x86_64-linux)
      racc (~> 1.4)
    open-uri (0.1.0)
    pry (0.14.1)
      coderay (~> 1.1)
      method_source (~> 1.0)
    racc (1.5.2)
    rake (13.0.3)

PLATFORMS
  x86_64-linux

DEPENDENCIES
  newegg_scraper_chsbr!
  nokogiri (~> 1.11.3)
  open-uri (~> 0.1)
  pry
  rake (~> 13.0)

BUNDLED WITH
   2.2.13
